GEM
  remote: https://rubygems.org/
  specs:
    addressable (2.5.2)
      public_suffix (>= 2.0.2, < 4.0)
    axiom-types (0.1.1)
      descendants_tracker (~> 0.0.4)
      ice_nine (~> 0.11.0)
      thread_safe (~> 0.3, >= 0.3.1)
    buftok (0.2.0)
    coercible (1.0.0)
      descendants_tracker (~> 0.0.1)
    descendants_tracker (0.0.4)
      thread_safe (~> 0.3, >= 0.3.1)
    domain_name (0.5.20170404)
      unf (>= 0.0.5, < 1.0.0)
    equalizer (0.0.11)
    et-orbi (1.0.8)
      tzinfo
    faraday (0.13.1)
      multipart-post (>= 1.2, < 3)
    http (3.0.0)
      addressable (~> 2.3)
      http-cookie (~> 1.0)
      http-form_data (>= 2.0.0.pre.pre2, < 3)
      http_parser.rb (~> 0.6.0)
    http-cookie (1.0.3)
      domain_name (~> 0.5)
    http-form_data (2.0.0)
    http_parser.rb (0.6.0)
    ice_nine (0.11.2)
    inflecto (0.0.2)
    memoizable (0.4.2)
      thread_safe (~> 0.3, >= 0.3.1)
    multipart-post (2.0.0)
    naught (1.1.0)
    public_suffix (3.0.1)
    require (0.2.7)
    rufus-scheduler (3.4.2)
      et-orbi (~> 1.0)
    simple_oauth (0.3.1)
    sqlite3 (1.3.13)
    telegram-bot-ruby (0.8.5)
      faraday
      inflecto
      virtus
    thread_safe (0.3.6)
    twitter (6.2.0)
      addressable (~> 2.3)
      buftok (~> 0.2.0)
      equalizer (~> 0.0.11)
      http (~> 3.0)
      http-form_data (~> 2.0)
      http_parser.rb (~> 0.6.0)
      memoizable (~> 0.4.0)
      multipart-post (~> 2.0)
      naught (~> 1.0)
      simple_oauth (~> 0.3.0)
    tzinfo (1.2.4)
      thread_safe (~> 0.1)
    unf (0.1.4)
      unf_ext
    unf_ext (0.0.7.4)
    virtus (1.0.5)
      axiom-types (~> 0.1)
      coercible (~> 1.0)
      descendants_tracker (~> 0.0, >= 0.0.3)
      equalizer (~> 0.0, >= 0.0.9)

PLATFORMS
  ruby

DEPENDENCIES
  require!
  rufus-scheduler!
  sqlite3!
  telegram-bot-ruby!
  twitter!

BUNDLED WITH
   1.16.1
